GEM
  remote: https://rubygems.org/
  specs:
    citrus (3.0.2)
    toml-rb (2.0.1)
      citrus (~> 3.0, > 3.0)

PLATFORMS
  x86_64-darwin-20

DEPENDENCIES
  toml-rb

BUNDLED WITH
   2.2.27
